PATH
  remote: .
  specs:
    capistrano-scm-copy-command (0.1.5)
      capistrano (~> 3)
      rubyzip (~> 1.1.7)

GEM
  remote: https://rubygems.org/
  specs:
    capistrano (3.4.0)
      i18n
      rake (>= 10.0.0)
      sshkit (~> 1.3)
    i18n (0.7.0)
    net-scp (1.2.1)
      net-ssh (>= 2.6.5)
    net-ssh (3.0.2)
    rake (10.4.2)
    rubyzip (1.1.7)
    sshkit (1.8.1)
      net-scp (>= 1.1.2)
      net-ssh (>= 2.8.0)

PLATFORMS
  ruby

DEPENDENCIES
  bundler (~> 1.7)
  capistrano-scm-copy-command!

BUNDLED WITH
   1.10.5
